GIT
  remote: https://github.com/rspec/rspec-core.git
  revision: b81b8b3e3449bc1b95c5dab499592eba174c0e3f
  branch: master
  specs:
    rspec-core (3.7.0.pre)
      rspec-support (= 3.7.0.pre)

GIT
  remote: https://github.com/rspec/rspec-expectations.git
  revision: 430cf59249ebe0291bcfec88d76b1c914a52ad11
  branch: master
  specs:
    rspec-expectations (3.7.0.pre)
      diff-lcs (>= 1.2.0, < 2.0)
      rspec-support (= 3.7.0.pre)

GIT
  remote: https://github.com/rspec/rspec-mocks.git
  revision: 78d04f05d45ef920afb0a51f118b119898c76ab3
  branch: master
  specs:
    rspec-mocks (3.7.0.pre)
      diff-lcs (>= 1.2.0, < 2.0)
      rspec-support (= 3.7.0.pre)

GIT
  remote: https://github.com/rspec/rspec-rails.git
  revision: 404651a743f316f681e578233f9f4dde35a6ece9
  branch: master
  specs:
    rspec-rails (3.7.0.pre)
      actionpack (>= 3.0)
      activesupport (>= 3.0)
      railties (>= 3.0)
      rspec-core (= 3.7.0.pre)
      rspec-expectations (= 3.7.0.pre)
      rspec-mocks (= 3.7.0.pre)
      rspec-support (= 3.7.0.pre)

GIT
  remote: https://github.com/rspec/rspec-support.git
  revision: 95a23e928232659f05903575b7b0cb0f6f2b4030
  branch: master
  specs:
    rspec-support (3.7.0.pre)

GIT
  remote: https://github.com/rspec/rspec.git
  revision: dcb407aa8b072c8c1cb612e1eeb99b9b754fa115
  branch: master
  specs:
    rspec (3.7.0.pre)
      rspec-core (= 3.7.0.pre)
      rspec-expectations (= 3.7.0.pre)
      rspec-mocks (= 3.7.0.pre)

GEM
  remote: https://rubygems.org/
  remote: https://rails-assets.org/
  specs:
    actioncable (5.1.4)
      actionpack (= 5.1.4)
      nio4r (~> 2.0)
      websocket-driver (~> 0.6.1)
    actionmailer (5.1.4)
      actionpack (= 5.1.4)
      actionview (= 5.1.4)
      activejob (= 5.1.4)
      mail (~> 2.5, >= 2.5.4)
      rails-dom-testing (~> 2.0)
    actionpack (5.1.4)
      actionview (= 5.1.4)
      activesupport (= 5.1.4)
      rack (~> 2.0)
      rack-test (>= 0.6.3)
      rails-dom-testing (~> 2.0)
      rails-html-sanitizer (~> 1.0, >= 1.0.2)
    actionview (5.1.4)
      activesupport (= 5.1.4)
      builder (~> 3.1)
      erubi (~> 1.4)
      rails-dom-testing (~> 2.0)
      rails-html-sanitizer (~> 1.0, >= 1.0.3)
    activejob (5.1.4)
      activesupport (= 5.1.4)
      globalid (>= 0.3.6)
    activemodel (5.1.4)
      activesupport (= 5.1.4)
    activerecord (5.1.4)
      activemodel (= 5.1.4)
      activesupport (= 5.1.4)
      arel (~> 8.0)
    activesupport (5.1.4)
      concurrent-ruby (~> 1.0, >= 1.0.2)
      i18n (~> 0.7)
      minitest (~> 5.1)
      tzinfo (~> 1.1)
    addressable (2.5.2)
      public_suffix (>= 2.0.2, < 4.0)
    arel (8.0.0)
    ast (2.3.0)
    autoprefixer-rails (7.1.5)
      execjs
    aws-sdk (2.3.22)
      aws-sdk-resources (= 2.3.22)
    aws-sdk-core (2.3.22)
      jmespath (~> 1.0)
    aws-sdk-resources (2.3.22)
      aws-sdk-core (= 2.3.22)
    babel-source (5.8.35)
    babel-transpiler (0.7.0)
      babel-source (>= 4.0, < 6)
      execjs (~> 2.0)
    bcrypt (3.1.11)
    bindex (0.5.0)
    bootstrap (4.0.0.beta2)
      autoprefixer-rails (>= 6.0.3)
      popper_js (>= 1.12.3, < 2)
      sass (>= 3.5.2)
    bourbon (4.3.4)
      sass (~> 3.4)
      thor (~> 0.19)
    builder (3.2.3)
    byebug (9.1.0)
    capybara (2.15.4)
      addressable
      mini_mime (>= 0.1.3)
      nokogiri (>= 1.3.3)
      rack (>= 1.0.0)
      rack-test (>= 0.5.4)
      xpath (~> 2.0)
    chartkick (2.2.4)
    childprocess (0.8.0)
      ffi (~> 1.0, >= 1.0.11)
    clearance (1.16.0)
      bcrypt
      email_validator (~> 1.4)
      rails (>= 3.1)
    climate_control (0.2.0)
    cocaine (0.5.8)
      climate_control (>= 0.0.3, < 1.0)
    coderay (1.1.2)
    concurrent-ruby (1.0.5)
    connection_pool (2.2.1)
    crass (1.0.3)
    delayed_job (4.1.3)
      activesupport (>= 3.0, < 5.2)
    delayed_job_active_record (4.1.2)
      activerecord (>= 3.0, < 5.2)
      delayed_job (>= 3.0, < 5)
    delayed_paperclip (3.0.1)
      activejob (>= 4.2)
      paperclip (>= 3.3)
    diff-lcs (1.3)
    email_validator (1.6.0)
      activemodel
    erubi (1.7.0)
    execjs (2.7.0)
    factory_bot (4.8.2)
      activesupport (>= 3.0.0)
    factory_bot_rails (4.8.2)
      factory_bot (~> 4.8.2)
      railties (>= 3.0.0)
    faraday (0.12.2)
      multipart-post (>= 1.2, < 3)
    ffi (1.9.18)
    figaro (1.1.1)
      thor (~> 0.14)
    font-awesome-sass (4.7.0)
      sass (>= 3.2)
    fuubar (2.2.0)
      rspec-core (~> 3.0)
      ruby-progressbar (~> 1.4)
    globalid (0.4.0)
      activesupport (>= 4.2.0)
    hash_attribute_assignment (0.0.5)
    hashie (3.5.6)
    high_voltage (3.0.0)
    hkdf (0.3.0)
    i18n (0.9.1)
      concurrent-ruby (~> 1.0)
    imgkit (1.6.1)
    jbuilder (2.7.0)
      activesupport (>= 4.2.0)
      multi_json (>= 1.2)
    jmespath (1.3.1)
    jquery-rails (4.3.1)
      rails-dom-testing (>= 1, < 3)
      railties (>= 4.2.0)
      thor (>= 0.14, < 2.0)
    json (1.8.6)
    jwt (1.5.6)
    lodash-rails (4.17.4)
      railties (>= 3.1)
    loofah (2.1.1)
      crass (~> 1.0.2)
      nokogiri (>= 1.5.9)
    mail (2.6.6)
      mime-types (>= 1.16, < 4)
    method_source (0.8.2)
    mime-types (3.1)
      mime-types-data (~> 3.2015)
    mime-types-data (3.2016.0521)
    mimemagic (0.3.2)
    mini_mime (0.1.4)
    mini_portile2 (2.3.0)
    minitest (5.10.3)
    multi_json (1.12.2)
    multi_xml (0.6.0)
    multipart-post (2.0.0)
    newrelic_rpm (4.5.0.337)
    nio4r (2.1.0)
    nokogiri (1.8.1)
      mini_portile2 (~> 2.3.0)
    oauth2 (1.4.0)
      faraday (>= 0.8, < 0.13)
      jwt (~> 1.0)
      multi_json (~> 1.3)
      multi_xml (~> 0.5)
      rack (>= 1.2, < 3)
    omniauth (1.7.1)
      hashie (>= 3.4.6, < 3.6.0)
      rack (>= 1.6.2, < 3)
    omniauth-instagram (1.2.0)
      omniauth (~> 1)
      omniauth-oauth2 (~> 1)
    omniauth-oauth2 (1.4.0)
      oauth2 (~> 1.0)
      omniauth (~> 1.2)
    paperclip (5.1.0)
      activemodel (>= 4.2.0)
      activesupport (>= 4.2.0)
      cocaine (~> 0.5.5)
      mime-types
      mimemagic (~> 0.3.0)
    parallel (1.12.0)
    parser (2.4.0.0)
      ast (~> 2.2)
    pg (0.21.0)
    popper_js (1.12.5)
    powerpack (0.1.1)
    pry (0.10.4)
      coderay (~> 1.1.0)
      method_source (~> 0.8.1)
      slop (~> 3.4)
    pry-rails (0.3.6)
      pry (>= 0.10.4)
    pry-remote (0.1.8)
      pry (~> 0.9)
      slop (~> 3.0)
    public_suffix (3.0.0)
    puma (3.10.0)
    rack (2.0.3)
    rack-proxy (0.6.3)
      rack
    rack-test (0.8.2)
      rack (>= 1.0, < 3)
    rails (5.1.4)
      actioncable (= 5.1.4)
      actionmailer (= 5.1.4)
      actionpack (= 5.1.4)
      actionview (= 5.1.4)
      activejob (= 5.1.4)
      activemodel (= 5.1.4)
      activerecord (= 5.1.4)
      activesupport (= 5.1.4)
      bundler (>= 1.3.0)
      railties (= 5.1.4)
      sprockets-rails (>= 2.0.0)
    rails-assets-tether (1.4.0)
    rails-dom-testing (2.0.3)
      activesupport (>= 4.2.0)
      nokogiri (>= 1.6)
    rails-html-sanitizer (1.0.3)
      loofah (~> 2.0)
    rails_12factor (0.0.3)
      rails_serve_static_assets
      rails_stdout_logging
    rails_serve_static_assets (0.0.5)
    rails_stdout_logging (0.0.5)
    railties (5.1.4)
      actionpack (= 5.1.4)
      activesupport (= 5.1.4)
      method_source
      rake (>= 0.8.7)
      thor (>= 0.18.1, < 2.0)
    rainbow (2.2.2)
      rake
    rake (12.3.0)
    rb-fsevent (0.10.2)
    rb-inotify (0.9.10)
      ffi (>= 0.5.0, < 2)
    rdoc (4.3.0)
    react-rails (2.3.0)
      babel-transpiler (>= 0.7.0)
      connection_pool
      execjs
      railties (>= 3.2)
      tilt
    render_anywhere (0.0.12)
      rails (>= 3.0.7)
    rspec_junit_formatter (0.3.0)
      rspec-core (>= 2, < 4, != 2.12.0)
    rubocop (0.50.0)
      parallel (~> 1.10)
      parser (>= 2.3.3.1, < 3.0)
      powerpack (~> 0.1)
      rainbow (>= 2.2.2, < 3.0)
      ruby-progressbar (~> 1.7)
      unicode-display_width (~> 1.0, >= 1.0.1)
    rubocop-junit-formatter (0.1.3)
    ruby-progressbar (1.8.3)
    rubyzip (1.2.1)
    sass (3.5.2)
      sass-listen (~> 4.0.0)
    sass-listen (4.0.0)
      rb-fsevent (~> 0.9, >= 0.9.4)
      rb-inotify (~> 0.9, >= 0.9.7)
    sass-rails (5.0.6)
      railties (>= 4.0.0, < 6)
      sass (~> 3.1)
      sprockets (>= 2.8, < 4.0)
      sprockets-rails (>= 2.0, < 4.0)
      tilt (>= 1.1, < 3)
    scenic (1.4.1)
      activerecord (>= 4.0.0)
      railties (>= 4.0.0)
    sdoc (0.4.2)
      json (~> 1.7, >= 1.7.7)
      rdoc (~> 4.0)
    selenium-webdriver (3.6.0)
      childprocess (~> 0.5)
      rubyzip (~> 1.0)
    serviceworker-rails (0.5.5)
      railties (>= 3.1)
    simple_form (3.5.0)
      actionpack (> 4, < 5.2)
      activemodel (> 4, < 5.2)
    slop (3.6.0)
    spring (2.0.2)
      activesupport (>= 4.2)
    spring-commands-rspec (1.0.4)
      spring (>= 0.9.1)
    sprockets (3.7.1)
      concurrent-ruby (~> 1.0)
      rack (> 1, < 3)
    sprockets-rails (3.2.1)
      actionpack (>= 4.0)
      activesupport (>= 4.0)
      sprockets (>= 3.0.0)
    thor (0.20.0)
    thread_safe (0.3.6)
    tilt (2.0.8)
    timecop (0.9.1)
    turbolinks (5.0.1)
      turbolinks-source (~> 5)
    turbolinks-source (5.0.3)
    tzinfo (1.2.4)
      thread_safe (~> 0.1)
    u2f (1.0.0)
    uglifier (4.1.2)
      execjs (>= 0.3.0, < 3)
    unicode-display_width (1.3.0)
    web-console (3.5.1)
      actionview (>= 5.0)
      activemodel (>= 5.0)
      bindex (>= 0.4.0)
      railties (>= 5.0)
    webpacker (3.2.0)
      activesupport (>= 4.2)
      rack-proxy (>= 0.6.1)
      railties (>= 4.2)
    webpush (0.3.2)
      hkdf (~> 0.2)
      jwt
    websocket-driver (0.6.5)
      websocket-extensions (>= 0.1.0)
    websocket-extensions (0.1.2)
    wkhtmltoimage-binary (0.12.4)
    xpath (2.1.0)
      nokogiri (~> 1.3)

PLATFORMS
  ruby

DEPENDENCIES
  autoprefixer-rails
  aws-sdk (~> 2.3.0)
  bootstrap (~> 4.0.0.beta2)
  bourbon
  byebug
  capybara
  chartkick
  clearance
  delayed_job_active_record
  delayed_paperclip
  factory_bot_rails
  figaro
  font-awesome-sass
  fuubar (~> 2.0)
  hash_attribute_assignment
  high_voltage (~> 3.0.0)
  imgkit
  jbuilder (~> 2.0)
  jquery-rails
  jwt
  lodash-rails
  newrelic_rpm
  omniauth
  omniauth-instagram
  paperclip (~> 5.1.0)
  pg
  pry-rails
  pry-remote
  puma
  rails (~> 5.1)
  rails-assets-tether (>= 1.1.0)!
  rails_12factor
  rake
  react-rails
  render_anywhere
  rspec!
  rspec-core!
  rspec-expectations!
  rspec-mocks!
  rspec-rails!
  rspec-support!
  rspec_junit_formatter
  rubocop
  rubocop-junit-formatter
  sass-rails (~> 5.0)
  scenic
  sdoc (~> 0.4.0)
  selenium-webdriver
  serviceworker-rails
  simple_form
  spring
  spring-commands-rspec
  timecop
  turbolinks
  u2f
  uglifier (>= 1.3.0)
  web-console (~> 3.5)
  webpacker (~> 3.2)
  webpush
  wkhtmltoimage-binary

RUBY VERSION
   ruby 2.3.4p301

BUNDLED WITH
   1.16.0.pre.3
